GIT
  remote: https://github.com/codahale/bcrypt-ruby.git
  revision: 23b0517e20e7ddf2e733c1bcdb22b0b12166f042
  specs:
    bcrypt (3.1.11)

GEM
  remote: http://rubygems.org/
  specs:
    activemodel (5.1.3)
      activesupport (= 5.1.3)
    activerecord (5.1.3)
      activemodel (= 5.1.3)
      activesupport (= 5.1.3)
      arel (~> 8.0)
    activesupport (5.1.3)
      concurrent-ruby (~> 1.0, >= 1.0.2)
      i18n (~> 0.7)
      minitest (~> 5.1)
      tzinfo (~> 1.1)
    arel (8.0.0)
    backports (3.8.0)
    bcrypt-ruby (3.0.1)
    concurrent-ruby (1.0.5)
    ffi (1.9.18-x64-mingw32)
    i18n (0.8.6)
    json (2.1.0)
    mail (2.6.6)
      mime-types (>= 1.16, < 4)
    mime-types (3.1)
      mime-types-data (~> 3.2015)
    mime-types-data (3.2016.0521)
    minitest (5.10.3)
    multi_json (1.12.1)
    mustermann (1.0.0)
    pony (1.11)
      mail (>= 2.0)
    rack (2.0.3)
    rack-protection (2.0.0)
      rack
    rake (12.0.0)
    rb-fsevent (0.10.2)
    rb-inotify (0.9.10)
      ffi (>= 0.5.0, < 2)
    recaptcha (4.3.1)
      json
    require_all (1.4.0)
    sass (3.5.1)
      sass-listen (~> 4.0.0)
    sass-listen (4.0.0)
      rb-fsevent (~> 0.9, >= 0.9.4)
      rb-inotify (~> 0.9, >= 0.9.7)
    sinatra (2.0.0)
      mustermann (~> 1.0)
      rack (~> 2.0)
      rack-protection (= 2.0.0)
      tilt (~> 2.0)
    sinatra-activerecord (2.0.13)
      activerecord (>= 3.2)
      sinatra (>= 1.0)
    sinatra-contrib (2.0.0)
      backports (>= 2.0)
      multi_json
      mustermann (~> 1.0)
      rack-protection (= 2.0.0)
      sinatra (= 2.0.0)
      tilt (>= 1.3, < 3)
    sinatra-flash (0.3.0)
      sinatra (>= 1.0.0)
    sqlite3 (1.3.13-x64-mingw32)
    thread_safe (0.3.6)
    tilt (2.0.8)
    tzinfo (1.2.3)
      thread_safe (~> 0.1)
    warden (1.2.7)
      rack (>= 1.0)

PLATFORMS
  x64-mingw32

DEPENDENCIES
  activerecord
  bcrypt!
  bcrypt-ruby (~> 3.0.0)
  pony
  rake
  recaptcha
  require_all
  sass
  sinatra
  sinatra-activerecord
  sinatra-contrib
  sinatra-flash
  sqlite3
  warden

BUNDLED WITH
   1.15.3
